GEM
  remote: https://rubygems.org/
  specs:
    rack (3.1.7)

PLATFORMS
  ruby
  x86_64-linux

DEPENDENCIES
  rack (~> 3.1)

BUNDLED WITH
   2.5.16
